PATH
  remote: .
  specs:
    tiny_dot (3.2.2)
      oj

GEM
  remote: https://rubygems.org/
  specs:
    oj (3.15.1)

PLATFORMS
  x86_64-darwin-22

DEPENDENCIES
  tiny_dot!

BUNDLED WITH
   2.4.1
